GEM
  remote: http://rubygems.org/
  specs:
    addressable (2.2.8)
    guillotine (1.4.0)
      addressable (~> 2.2.6)
      sinatra (~> 1.2.6)
    nio4r (2.5.9)
    puma (6.3.1)
      nio4r (~> 2.0)
    rack (1.5.2)
    redis (3.0.1)
    sinatra (1.2.8)
      rack (~> 1.1)
      tilt (>= 1.2.2, < 2.0)
    tilt (1.3.4)

PLATFORMS
  ruby

DEPENDENCIES
  guillotine (= 1.4.0)
  puma (~> 6.0)
  redis

RUBY VERSION
   ruby 3.2.2p53

BUNDLED WITH
   2.4.13
